PATH
  remote: .
  specs:
    page_rankr_daemon (0.0.1)
      PageRankr (~> 1.4.3)
      json (~> 1.4.6)
      sinatra (~> 1.0)
      thin (~> 1.2.7)

GEM
  remote: http://rubygems.org/
  specs:
    PageRankr (1.4.3)
      nokogiri (>= 1.4.1)
    daemons (1.1.0)
    diff-lcs (1.1.2)
    eventmachine (0.12.10)
    json (1.4.6)
    nokogiri (1.4.3.1)
    rack (1.2.1)
    rack-test (0.5.6)
      rack (>= 1.0)
    rspec (2.0.0.rc)
      rspec-core (= 2.0.0.rc)
      rspec-expectations (= 2.0.0.rc)
      rspec-mocks (= 2.0.0.rc)
    rspec-core (2.0.0.rc)
    rspec-expectations (2.0.0.rc)
      diff-lcs (>= 1.1.2)
    rspec-mocks (2.0.0.rc)
      rspec-core (= 2.0.0.rc)
      rspec-expectations (= 2.0.0.rc)
    sinatra (1.0)
      rack (>= 1.0)
    thin (1.2.7)
      daemons (>= 1.0.9)
      eventmachine (>= 0.12.6)
      rack (>= 1.0.0)

PLATFORMS
  ruby

DEPENDENCIES
  PageRankr (~> 1.4.3)
  bundler (>= 1.0.0)
  json (~> 1.4.6)
  page_rankr_daemon!
  rack-test (~> 0.5.6)
  rspec (= 2.0.0.rc)
  sinatra (~> 1.0)
  thin (~> 1.2.7)
